{
	"Manufacturer": "Siemens",
	"ManufacturersModelName": "Prisma_fit",
	"EchoTrainLength": 128,
	"AcquisitionNumber": 1,
	"InstitutionName": "mgh",
	"InstitutionName": "13th_St._149_Charlestown_MA_US_02129",
	"DeviceSerialNumber": "67026",
	"SoftwareVersions": "syngo_MR_E11",
	"ProcedureStepDescription": "BILGIC_berkin",
	"ScanningSequence": "GR_IR",
	"SequenceVariant": "SK_SP_MP",
	"SeriesDescription": "QALAS3d_1p15mm_R2",
	"BodyPartExamined": "BRAIN",
	"ProtocolName": "QALAS3d_1p15mm_R2",
	"SequenceName": "qalas3d3d1_128ns",
	"ImageType": ["ORIGINAL", "PRIMARY", "M", "ND", "NORM"],
	"AcquisitionTime": "12:48:59.395000",
	"MagneticFieldStrength": 3,
	"FlipAngle": 4,
	"EchoTime": 0.00229,
	"RepetitionTime": 0.00576,
	"InversionTime": 0.11,
	"PhaseEncodingDirection": "i-",
	"ConversionSoftware": "dcm2niix",
	"ConversionSoftwareVersion": "v1.0.20170528 GCC4.4.7"
}
