{
	"Manufacturer": "Siemens",
	"ManufacturersModelName": "Prisma_fit",
	"AcquisitionNumber": 1,
	"InstitutionName": "mgh",
	"InstitutionName": "13th_St._149_Charlestown_MA_US_02129",
	"DeviceSerialNumber": "67026",
	"SoftwareVersions": "syngo_MR_E11",
	"ProcedureStepDescription": "BILGIC_berkin",
	"ScanningSequence": "GR",
	"SequenceVariant": "SP",
	"SeriesDescription": "AFI3D_RS_Spoilx35_R3",
	"BodyPartExamined": "BRAIN",
	"ProtocolName": "AFI3D_RS_Spoilx35_R3",
	"SequenceName": "fl3d1_ns",
	"ImageType": ["ORIGINAL", "PRIMARY", "M", "ND"],
	"AcquisitionTime": "13:03:50.245000",
	"MagneticFieldStrength": 3,
	"FlipAngle": 60,
	"EchoTime": 0.00251,
	"RepetitionTime": 0.125,
	"PhaseEncodingDirection": "i-",
	"ConversionSoftware": "dcm2niix",
	"ConversionSoftwareVersion": "v1.0.20170528 GCC4.4.7"
}
